GIT
  remote: git://github.com/codeword/jasmine-fixtures.git
  revision: f4015681cb0eed7dca237cbd6bb17310e98bca80
  specs:
    jasmine-fixtures (0.1.7)
      jasmine (>= 1.0.0)
      nokogiri (>= 1.4.0)

GEM
  remote: https://rubygems.org/
  specs:
    actionmailer (2.3.18)
      actionpack (= 2.3.18)
    actionpack (2.3.18)
      activesupport (= 2.3.18)
      rack (~> 1.1.0)
    activerecord (2.3.18)
      activesupport (= 2.3.18)
    activeresource (2.3.18)
      activesupport (= 2.3.18)
    activesupport (2.3.18)
    childprocess (0.3.9)
      ffi (~> 1.0, >= 1.0.11)
    ffi (1.6.0)
    hoe (3.5.2)
      rake (>= 0.8, < 11.0)
    jasmine (1.3.2)
      jasmine-core (~> 1.3.1)
      rack (~> 1.0)
      rspec (>= 1.3.1)
      selenium-webdriver (>= 0.1.3)
    jasmine-core (1.3.1)
    json (1.7.7)
    multi_json (1.7.2)
    mysql (2.9.1)
    nokogiri (1.5.9)
    rack (1.1.6)
    rails (2.3.18)
      actionmailer (= 2.3.18)
      actionpack (= 2.3.18)
      activerecord (= 2.3.18)
      activeresource (= 2.3.18)
      activesupport (= 2.3.18)
      rake (>= 0.8.3)
    rake (10.0.4)
    rdoc (4.0.1)
      json (~> 1.4)
    rspec (1.3.2)
    rspec-rails (1.3.4)
      rack (>= 1.0.0)
      rspec (~> 1.3.1)
    rubyzip (0.9.9)
    selenium-webdriver (2.31.0)
      childprocess (>= 0.2.5)
      multi_json (~> 1.0)
      rubyzip
      websocket (~> 1.0.4)
    test-unit (1.2.3)
      hoe (>= 1.5.1)
    websocket (1.0.7)

PLATFORMS
  ruby

DEPENDENCIES
  jasmine
  jasmine-fixtures!
  mysql
  rails (= 2.3.18)
  rdoc
  rspec-rails (= 1.3.4)
  test-unit (= 1.2.3)
